GEM
  remote: https://rubygems.org/
  specs:
    json (1.8.0)
    rake (10.1.0)
    rdoc (4.0.1)
      json (~> 1.4)
    serialport (1.1.0)

PLATFORMS
  ruby

DEPENDENCIES
  rake
  rdoc
  serialport
